GEM
  remote: http://rubygems.org/
  specs:
    diff-lcs (1.3)
    gosu (0.12.1)
    rake (12.0.0)
    rspec (3.6.0)
      rspec-core (~> 3.6.0)
      rspec-expectations (~> 3.6.0)
      rspec-mocks (~> 3.6.0)
    rspec-core (3.6.0)
      rspec-support (~> 3.6.0)
    rspec-expectations (3.6.0)
      diff-lcs (>= 1.2.0, < 2.0)
      rspec-support (~> 3.6.0)
    rspec-mocks (3.6.0)
      diff-lcs (>= 1.2.0, < 2.0)
      rspec-support (~> 3.6.0)
    rspec-support (3.6.0)

PLATFORMS
  ruby

DEPENDENCIES
  gosu
  rake (~> 12.0.0, >= 12.0.0)
  rspec (~> 3.6.0, >= 3.6.0)

BUNDLED WITH
   1.14.6
