PATH
  remote: .
  specs:
    chingu (0.1.0)
      gosu (~> 1.4.5)
      require_all (~> 3.0.0, >= 1.4.0)

GEM
  remote: http://rubygems.org/
  specs:
    diff-lcs (1.5.0)
    gosu (1.4.5)
    rake (12.0.0)
    require_all (3.0.0)
    rspec (3.12.0)
      rspec-core (~> 3.12.0)
      rspec-expectations (~> 3.12.0)
      rspec-mocks (~> 3.12.0)
    rspec-core (3.12.2)
      rspec-support (~> 3.12.0)
    rspec-expectations (3.12.3)
      diff-lcs (>= 1.2.0, < 2.0)
      rspec-support (~> 3.12.0)
    rspec-mocks (3.12.5)
      diff-lcs (>= 1.2.0, < 2.0)
      rspec-support (~> 3.12.0)
    rspec-support (3.12.0)
    watchr (0.7)

PLATFORMS
  ruby
  x64-mingw32

DEPENDENCIES
  chingu!
  rake (~> 12.0.0, >= 12.0.0)
  rspec
  watchr

BUNDLED WITH
   1.16.2
